GEM
  remote: https://rubygems.org/
  specs:
    byebug (10.0.2)
    coderay (1.1.2)
    dotenv (2.5.0)
    json (2.1.0)
    method_source (0.9.0)
    pry (0.11.3)
      coderay (~> 1.1.0)
      method_source (~> 0.9.0)
    pry-byebug (3.6.0)
      byebug (~> 10.0)
      pry (~> 0.10)
    redis (4.0.1)

PLATFORMS
  ruby

DEPENDENCIES
  dotenv
  json
  pry-byebug
  redis

RUBY VERSION
   ruby 2.5.0p0

BUNDLED WITH
   1.16.2
